GEM
  remote: https://rubygems.org/
  specs:
    addressable (2.4.0)
    akami (1.3.1)
      gyoku (>= 0.4.0)
      nokogiri
    ast (2.2.0)
    builder (3.2.2)
    capybara (2.7.1)
      addressable
      mime-types (>= 1.16)
      nokogiri (>= 1.3.3)
      rack (>= 1.0.0)
      rack-test (>= 0.5.4)
      xpath (~> 2.0)
    celerity (0.9.2)
    childprocess (0.5.9)
      ffi (~> 1.0, >= 1.0.11)
    coderay (1.1.1)
    cucumber (2.3.3)
      builder (>= 2.1.2)
      cucumber-core (~> 1.4.0)
      cucumber-wire (~> 0.0.1)
      diff-lcs (>= 1.1.3)
      gherkin (~> 3.2.0)
      multi_json (>= 1.7.5, < 2.0)
      multi_test (>= 0.1.2)
    cucumber-core (1.4.0)
      gherkin (~> 3.2.0)
    cucumber-wire (0.0.1)
    diff-lcs (1.2.5)
    faraday (0.9.2)
      multipart-post (>= 1.2, < 3)
    ffi (1.9.10-java)
    gherkin (3.2.0)
    gyoku (1.3.1)
      builder (>= 2.1.2)
    httpi (2.4.2)
      rack
      socksify
    log4r (1.1.10)
    magic_encoding (0.0.2)
    method_source (0.8.2)
    mime-types (2.99.1)
    multi_json (1.12.0)
    multi_test (0.1.2)
    multipart-post (2.0.0)
    nokogiri (1.6.7.2-java)
    nori (2.6.0)
    parallel (1.8.0)
    parallel_tests (2.5.0)
      parallel
    parser (2.3.1.0)
      ast (~> 2.2)
    powerpack (0.1.1)
    pry (0.10.3-java)
      coderay (~> 1.1.0)
      method_source (~> 0.8.1)
      slop (~> 3.4)
      spoon (~> 0.0)
    rack (1.6.4)
    rack-test (0.6.3)
      rack (>= 1.0)
    rainbow (2.1.0)
    rake (11.1.2)
    rspec (3.4.0)
      rspec-core (~> 3.4.0)
      rspec-expectations (~> 3.4.0)
      rspec-mocks (~> 3.4.0)
    rspec-core (3.4.4)
      rspec-support (~> 3.4.0)
    rspec-expectations (3.4.0)
      diff-lcs (>= 1.2.0, < 2.0)
      rspec-support (~> 3.4.0)
    rspec-mocks (3.4.1)
      diff-lcs (>= 1.2.0, < 2.0)
      rspec-support (~> 3.4.0)
    rspec-support (3.4.1)
    rubocop (0.39.1.FBFS3)
      parser (>= 2.3.0.7, < 3.0)
      powerpack (~> 0.1)
      rainbow (>= 1.99.1, < 3.0)
      ruby-progressbar (~> 1.7)
      unicode-display_width (~> 1.0, >= 1.0.1)
    ruby-debug-ide (0.6.0)
      rake (>= 0.8.1)
    ruby-progressbar (1.8.1)
    rubyXL (3.3.18)
      nokogiri (>= 1.4.4)
      rubyzip (>= 1.1.6)
    rubyzip (1.2.0)
    savon (2.11.1)
      akami (~> 1.2)
      builder (>= 2.1.2)
      gyoku (~> 1.2)
      httpi (~> 2.3)
      nokogiri (>= 1.4.0)
      nori (~> 2.4)
      wasabi (~> 3.4)
    selenium-webdriver (2.53.0)
      childprocess (~> 0.5)
      rubyzip (~> 1.0)
      websocket (~> 1.0)
    site_prism (2.9)
      addressable (>= 2.3.3, < 3.0)
      capybara (>= 2.1, < 3.0)
    slop (3.6.0)
    socksify (1.7.0)
    spoon (0.0.4)
      ffi
    tcp_outputter (1.0.0)
    thread (0.2.2)
    unicode-display_width (1.0.5)
    wasabi (3.5.0)
      httpi (~> 2.0)
      nokogiri (>= 1.4.2)
    websocket (1.2.3)
    xpath (2.0.0)
      nokogiri (~> 1.3)

PLATFORMS
  java

DEPENDENCIES
  akami
  capybara (~> 2.6)
  celerity
  cucumber (~> 2.3)
  faraday (~> 0.9)
  log4r
  magic_encoding
  mime-types (< 3.0)
  parallel_tests
  pry
  rake
  rspec (~> 3.4)
  rubocop (= 0.39.1.FBFS3)
  ruby-debug-ide
  rubyXL
  savon (~> 2.11)
  selenium-webdriver
  site_prism (~> 2.9)
  tcp_outputter
  thread

BUNDLED WITH
   1.11.2
